PATH
  remote: .
  specs:
    rack-ratelimit (1.1.2)

GEM
  remote: https://rubygems.org/
  specs:
    dalli (2.7.6)
    minitest (5.3.5)
    rake (11.1.2)
    redis (3.2.2)

PLATFORMS
  ruby

DEPENDENCIES
  dalli
  minitest (~> 5.3.0)
  rack-ratelimit!
  rake
  redis

BUNDLED WITH
   1.11.2
