PATH
  remote: .
  specs:
    rack-ratelimit (1.0.0)
      dalli
      rack

GEM
  remote: https://rubygems.org/
  specs:
    dalli (2.7.0)
    minitest (5.3.1)
    rack (1.5.2)
    rake (10.1.1)

PLATFORMS
  ruby

DEPENDENCIES
  minitest (~> 5.3.0)
  rack-ratelimit!
  rake
